GEM
  remote: https://rubygems.org/
  specs:
    bigdecimal (3.1.9)
    kramdown (2.5.1)
      rexml (>= 3.3.9)
    matrix (0.4.2)
    pdf-core (0.10.0)
    prawn (2.5.0)
      matrix (~> 0.4)
      pdf-core (~> 0.10.0)
      ttfunk (~> 1.8)
    prawn-table (0.2.2)
      prawn (>= 1.3.0, < 3.0.0)
    rexml (3.4.1)
    ttfunk (1.8.0)
      bigdecimal (~> 3.1)

PLATFORMS
  x64-mingw-ucrt

DEPENDENCIES
  kramdown
  prawn
  prawn-table

BUNDLED WITH
   2.5.22
